GEM
  remote: https://rubygems.org/
  specs:
    bson (1.8.4)
    bson_ext (1.8.4)
      bson (~> 1.8.4)
    chunky_png (1.2.8)
    coderay (1.0.9)
    compass (0.12.2)
      chunky_png (~> 1.2)
      fssm (>= 0.2.7)
      sass (~> 3.1)
    diff-lcs (1.1.3)
    fssm (0.2.10)
    json (1.7.7)
    method_source (0.8.1)
    mongo (1.8.4)
      bson (~> 1.8.4)
    pg (0.14.0)
    pry (0.9.12)
      coderay (~> 1.0.5)
      method_source (~> 0.8)
      slop (~> 3.4)
    rack (1.4.1)
    rack-protection (1.2.0)
      rack
    rack-test (0.6.1)
      rack (>= 1.0)
    rspec (2.8.0)
      rspec-core (~> 2.8.0)
      rspec-expectations (~> 2.8.0)
      rspec-mocks (~> 2.8.0)
    rspec-core (2.8.0)
    rspec-expectations (2.8.0)
      diff-lcs (~> 1.1.2)
    rspec-mocks (2.8.0)
    sass (3.2.8)
    shotgun (0.9)
      rack (>= 1.0)
    sinatra (1.3.2)
      rack (~> 1.3, >= 1.3.6)
      rack-protection (~> 1.2)
      tilt (~> 1.3, >= 1.3.3)
    slop (3.4.4)
    tilt (1.3.3)
    zurb-foundation (4.1.5)
      sass (>= 3.2.0)

PLATFORMS
  ruby

DEPENDENCIES
  bson_ext
  compass
  json
  mongo
  pg
  pry
  rack-test
  rspec
  shotgun (= 0.9)
  sinatra (>= 1.1.2)
  zurb-foundation
